GEM
  remote: https://rubygems.org/
  specs:
    base64 (0.1.1)
    coderay (1.1.3)
    faraday (2.7.11)
      base64
      faraday-net_http (>= 2.0, < 3.1)
      ruby2_keywords (>= 0.0.4)
    faraday-net_http (3.0.2)
    method_source (1.0.0)
    nokogiri (1.15.4-x86_64-linux)
      racc (~> 1.4)
    pry (0.14.2)
      coderay (~> 1.1)
      method_source (~> 1.0)
    racc (1.7.1)
    ruby2_keywords (0.0.5)

PLATFORMS
  x86_64-linux

DEPENDENCIES
  faraday
  nokogiri
  pry

BUNDLED WITH
   2.4.13
